GEM
  remote: https://rubygems.org/
  specs:
    backports (3.3.5)
    json (1.8.1)
    rack (1.5.2)
    rack-protection (1.5.1)
      rack
    sinatra (1.4.4)
      rack (~> 1.4)
      rack-protection (~> 1.4)
      tilt (~> 1.3, >= 1.3.4)
    tilt (1.4.1)

PLATFORMS
  ruby

DEPENDENCIES
  backports
  json
  rack
  sinatra
